PATH
  remote: .
  specs:
    sequel-uow (0.0.1)
      hashdiff (~> 0.1.1)
      sequel (~> 4.1.0)

GEM
  remote: https://rubygems.org/
  specs:
    diff-lcs (1.2.4)
    hashdiff (0.1.1)
    rake (0.9.6)
    rspec (2.14.1)
      rspec-core (~> 2.14.0)
      rspec-expectations (~> 2.14.0)
      rspec-mocks (~> 2.14.0)
    rspec-core (2.14.4)
    rspec-expectations (2.14.1)
      diff-lcs (>= 1.1.3, < 2.0)
    rspec-mocks (2.14.3)
    sequel (4.1.1)
    sqlite3 (1.3.7)

PLATFORMS
  java
  ruby

DEPENDENCIES
  rake (~> 0.9.6)
  rspec (~> 2.14.1)
  sequel-uow!
  sqlite3 (~> 1.3.7)
